GEM
  remote: https://rubygems.org/
  specs:
    bson (4.3.0)
    bson_ext (1.5.1)
    mini_portile2 (2.3.0)
    mongo (2.5.1)
      bson (>= 4.3.0, < 5.0.0)
    mustermann (1.0.2)
    nokogiri (1.8.2-x64-mingw32)
      mini_portile2 (~> 2.3.0)
    rack (2.0.4)
    rack-protection (2.0.1)
      rack
    roo (2.7.1)
      nokogiri (~> 1)
      rubyzip (~> 1.1, < 2.0.0)
    roo-xls (1.2.0)
      nokogiri
      roo (>= 2.0.0, < 3)
      spreadsheet (> 0.9.0)
    ruby-ole (1.2.12.1)
    rubyzip (1.2.1)
    sinatra (2.0.1)
      mustermann (~> 1.0)
      rack (~> 2.0)
      rack-protection (= 2.0.1)
      tilt (~> 2.0)
    sinatra-cors (1.1.0)
    spreadsheet (1.1.7)
      ruby-ole (>= 1.0)
    tilt (2.0.8)

PLATFORMS
  x64-mingw32

DEPENDENCIES
  bson_ext
  mongo
  roo (~> 2.7.0)
  roo-xls
  sinatra
  sinatra-cors

BUNDLED WITH
   1.16.1
